GEM
  remote: https://rubygems.org/
  specs:
    activesupport (5.0.1)
      concurrent-ruby (~> 1.0, >= 1.0.2)
      i18n (~> 0.7)
      minitest (~> 5.1)
      tzinfo (~> 1.1)
    concurrent-ruby (1.0.4)
    dotenv (2.2.0)
    i18n (0.8.1)
    mem (0.1.5)
    minitest (5.10.1)
    ruboty (1.3.0)
      activesupport
      bundler
      dotenv
      mem
      slop
    slop (4.4.1)
    thread_safe (0.3.6)
    tzinfo (1.2.2)
      thread_safe (~> 0.1)

PLATFORMS
  ruby

DEPENDENCIES
  ruboty

BUNDLED WITH
   1.13.7
